GEM
  remote: https://rubygems.org/
  specs:
    puma (3.6.1)
    rack (1.6.5)
    rack-protection (1.5.3)
      rack
    rack-ssl (1.4.1)
      rack
    sinatra (1.4.7)
      rack (~> 1.5)
      rack-protection (~> 1.4)
      tilt (>= 1.3, < 3)
    tilt (2.0.5)
    will_paginate (3.1.5)

PLATFORMS
  ruby

DEPENDENCIES
  puma
  rack-ssl
  sinatra
  will_paginate

BUNDLED WITH
   1.12.5
